GEM
  remote: https://rubygems.org/
  specs:
    artii (2.1.2)
    coderay (1.1.3)
    colorize (0.8.1)
    method_source (1.0.0)
    pry (0.13.1)
      coderay (~> 1.1)
      method_source (~> 1.0)
    wrapify (0.1.2)

PLATFORMS
  ruby

DEPENDENCIES
  artii
  colorize
  pry
  wrapify

BUNDLED WITH
   2.1.4
