GEM
  remote: https://rubygems.org/
  specs:
    artii (2.1.2)
    coderay (1.1.3)
    colorize (0.8.1)
    method_source (1.0.0)
    pastel (0.8.0)
      tty-color (~> 0.5)
    pry (0.13.1)
      coderay (~> 1.1)
      method_source (~> 1.0)
    tty-color (0.6.0)
    tty-cursor (0.7.1)
    tty-prompt (0.22.0)
      pastel (~> 0.8)
      tty-reader (~> 0.8)
    tty-reader (0.9.0)
      tty-cursor (~> 0.7)
      tty-screen (~> 0.8)
      wisper (~> 2.0)
    tty-screen (0.8.1)
    wisper (2.0.1)
    wrapify (0.1.2)

PLATFORMS
  ruby

DEPENDENCIES
  artii
  colorize
  pry
  tty-prompt
  wrapify

BUNDLED WITH
   2.1.4
